PATH
  remote: .
  specs:
    ri_cal (0.9.5)
      tzinfo

GEM
  remote: https://rubygems.org/
  specs:
    activesupport (3.0.20)
    autotest-fsevent (0.2.19)
      sys-uname
    autotest-standalone (4.5.11)
    awesome_print (1.9.2)
    byebug (11.1.3)
    concurrent-ruby (1.1.9)
    diff-lcs (1.5.0)
    ffi (1.15.5)
    rake (13.0.6)
    rspec (3.10.0)
      rspec-core (~> 3.10.0)
      rspec-expectations (~> 3.10.0)
      rspec-mocks (~> 3.10.0)
    rspec-autotest (1.0.2)
      rspec-core (>= 2.99.0.beta1, < 4.0.0)
    rspec-collection_matchers (1.2.0)
      rspec-expectations (>= 2.99.0.beta1)
    rspec-core (3.10.1)
      rspec-support (~> 3.10.0)
    rspec-expectations (3.10.2)
      diff-lcs (>= 1.2.0, < 2.0)
      rspec-support (~> 3.10.0)
    rspec-its (1.3.0)
      rspec-core (>= 3.0.0)
      rspec-expectations (>= 3.0.0)
    rspec-mocks (3.10.2)
      diff-lcs (>= 1.2.0, < 2.0)
      rspec-support (~> 3.10.0)
    rspec-support (3.10.3)
    sys-uname (1.2.2)
      ffi (~> 1.1)
    tzinfo (2.0.4)
      concurrent-ruby (~> 1.0)

PLATFORMS
  x86_64-linux

DEPENDENCIES
  activesupport (~> 3.0.15)
  autotest-fsevent
  autotest-standalone
  awesome_print
  byebug
  rake
  ri_cal!
  rspec
  rspec-autotest
  rspec-collection_matchers
  rspec-its

BUNDLED WITH
   2.3.4
